{
	"Manufacturer": "Siemens",
	"ManufacturersModelName": "TrioTim",
	"EchoTrainLength": 15,
	"AcquisitionNumber": 1,
	"InstitutionName": "Brigham_Young_University",
	"InstitutionAddress": "University_Pkwy_1700_North_685_Provo_FC28C0_UT_US_84601",
	"DeviceSerialNumber": "35002",
	"SoftwareVersions": "syngo_MR_B17",
	"ProcedureStepDescription": "Research_KIRWAN",
	"ScanningSequence": "SE",
	"SequenceVariant": "SK_SP_OSP",
	"SeriesDescription": "HiRes_T2",
	"ProtocolName": "HiRes_T2",
	"SequenceName": "_tse2d1_15",
	"ImageType": ["ORIGINAL", "PRIMARY", "M", "ND"],
	"AcquisitionTime": "14:47:50.932500",
	"MagneticFieldStrength": 3,
	"FlipAngle": 178,
	"EchoTime": 0.064,
	"RepetitionTime": 6.26,
	"PhaseEncodingLines": 512,
	"PhaseEncodingDirection": "i-",
	"ConversionSoftware": "dcm2niix",
	"ConversionSoftwareVersion": "v1.0.20170724 (OpenJPEG build) GCC6.1.0"
}
