{
  "Manufacturer": "Siemens",
  "ManufacturersModelName": "TrioTim",
  "AcquisitionNumber": 1,
  "InstitutionName": "Brigham_Young_University",
  "InstitutionAddress": "University_Pkwy_1700_North_685_Provo_FC28C0_UT_US_84601",
  "DeviceSerialNumber": "35002",
  "SoftwareVersions": "syngo_MR_B17",
  "ProcedureStepDescription": "Research_KIRWAN",
  "ScanningSequence": "EP",
  "SequenceVariant": "SK",
  "SeriesDescription": "12Chan_1.8x1.8x1.8_TR1900_29Slice",
  "ProtocolName": "12Chan_1.8x1.8x1.8_TR1900_29Slice",
  "SequenceName": "epfid2d1_128",
  "ImageType": [
    "ORIGINAL",
    "PRIMARY",
    "M",
    "ND",
    "MOSAIC"
  ],
  "AcquisitionTime": "08:07:21.992500",
  "MagneticFieldStrength": 3,
  "FlipAngle": 90,
  "EchoTime": 0.028,
  "RepetitionTime": 1.9,
  "PhaseEncodingLines": 128,
  "BandwidthPerPixelPhaseEncode": 22.321,
  "EffectiveEchoSpacing": 0.000350007,
  "TotalReadoutTime": 0.0437508,
  "AccelFactPE": 2,
  "TrueEchoSpacing": 0.000700013,
  "SliceTiming": [
    0,
    0.985,
    0.065,
    1.05,
    0.13,
    1.1175,
    0.195,
    1.1825,
    0.2625,
    1.2475,
    0.3275,
    1.315,
    0.3925,
    1.38,
    0.46,
    1.445,
    0.525,
    1.5125,
    0.59,
    1.5775,
    0.6575,
    1.6425,
    0.7225,
    1.7075,
    0.7875,
    1.775,
    0.8525,
    1.84,
    0.92
  ],
  "PhaseEncodingDirection": "j-",
  "ConversionSoftware": "dcm2niix",
  "ConversionSoftwareVersion": "v1.0.20170724 (OpenJPEG build) GCC6.1.0",
  "TaskName": "MST"
}
