{
  "Manufacturer": "Siemens",
  "ManufacturersModelName": "TrioTim",
  "AcquisitionNumber": 1,
  "InstitutionName": "Brigham_Young_University",
  "InstitutionAddress": "University_Pkwy_1700_North_685_Provo_FC28C0_UT_US_84601",
  "DeviceSerialNumber": "35002",
  "SoftwareVersions": "syngo_MR_B17",
  "ProcedureStepDescription": "Research_KIRWAN",
  "ScanningSequence": "EP",
  "SequenceVariant": "SK",
  "SeriesDescription": "12Chan_1.8x1.8x1.8_TR1900_29Slice",
  "ProtocolName": "12Chan_1.8x1.8x1.8_TR1900_29Slice",
  "SequenceName": "epfid2d1_128",
  "ImageType": [
    "ORIGINAL",
    "PRIMARY",
    "M",
    "ND",
    "MOSAIC"
  ],
  "AcquisitionTime": "15:58:8.087500",
  "MagneticFieldStrength": 3,
  "FlipAngle": 90,
  "EchoTime": 0.028,
  "RepetitionTime": 1.9,
  "PhaseEncodingLines": 128,
  "BandwidthPerPixelPhaseEncode": 22.321,
  "EffectiveEchoSpacing": 0.000350007,
  "TotalReadoutTime": 0.0437508,
  "AccelFactPE": 2,
  "TrueEchoSpacing": 0.000700013,
  "SliceTiming": [
    0,
    0.9875,
    0.065,
    1.0525,
    0.1325,
    1.1175,
    0.1975,
    1.1825,
    0.2625,
    1.25,
    0.3275,
    1.315,
    0.395,
    1.38,
    0.46,
    1.4475,
    0.525,
    1.5125,
    0.5925,
    1.5775,
    0.6575,
    1.645,
    0.7225,
    1.71,
    0.79,
    1.775,
    0.855,
    1.8425,
    0.92
  ],
  "PhaseEncodingDirection": "j-",
  "ConversionSoftware": "dcm2niix",
  "ConversionSoftwareVersion": "v1.0.20170724 (OpenJPEG build) GCC6.1.0",
  "TaskName": "MST"
}
